NUGET
  remote: http://www.nuget.org/api/v2
  specs:
    BenchmarkDotNet (0.9.3) - framework: >= net45
    xunit (2.1.0) - framework: >= net451
      xunit.assert (2.1.0)
      xunit.core (2.1.0)
    xunit.abstractions (2.0.0) - framework: >= net451
    xunit.assert (2.1.0) - framework: >= net451
    xunit.core (2.1.0) - framework: >= net451
      xunit.extensibility.core (2.1.0) - framework: >= net45, dnx451, dnxcore50, monoandroid, monotouch, portable-net45+win80+wp80+wpa81, xamarinios, winv4.5, wpv8.1, wpv8.0
      xunit.extensibility.execution (2.1.0) - framework: >= net45, dnx451, dnxcore50, monoandroid, monotouch, portable-net45+win80+wp80+wpa81, xamarinios, winv4.5, wpv8.1, wpv8.0
    xunit.extensibility.core (2.1.0) - framework: >= net451
      xunit.abstractions (2.0.0)
    xunit.extensibility.execution (2.1.0) - framework: >= net451
      xunit.extensibility.core (2.1.0) - framework: >= net45, dnx451, dnxcore50, monoandroid, monotouch, xamarinios, winv4.5, wpv8.1, wpv8.0
