FRAMEWORK: NET45

GROUP Analyzers
FRAMEWORK: >= NET45
NUGET
  remote: http://www.nuget.org/api/v2
    Gu.Analyzers (0.1.11.25-dev)
    JetBrains.Annotations (10.4)
    StyleCop.Analyzers (1.0)
    WpfAnalyzers (0.2.7.10)

GROUP Benchmark
REDIRECTS: ON
FRAMEWORK: NET461
NUGET
  remote: http://www.nuget.org/api/v2
    BenchmarkDotNet (0.10.6)
      BenchmarkDotNet.Core (>= 0.10.6)
      BenchmarkDotNet.Toolchains.Roslyn (>= 0.10.6)
    BenchmarkDotNet.Core (0.10.6)
      Microsoft.DotNet.InternalAbstractions (>= 1.0)
      Microsoft.DotNet.PlatformAbstractions (>= 1.1.1)
      System.Threading.Tasks.Extensions (>= 4.3)
      System.ValueTuple (>= 4.3)
    BenchmarkDotNet.Toolchains.Roslyn (0.10.6)
      BenchmarkDotNet.Core (>= 0.10.6)
      Microsoft.CodeAnalysis.CSharp (>= 2.0)
      System.Threading.Tasks (>= 4.3)
    Microsoft.CodeAnalysis.Analyzers (1.1)
    Microsoft.CodeAnalysis.Common (2.1)
      Microsoft.CodeAnalysis.Analyzers (>= 1.1)
      System.AppContext (>= 4.3)
      System.Collections (>= 4.3)
      System.Collections.Concurrent (>= 4.3)
      System.Collections.Immutable (>= 1.3.1)
      System.Console (>= 4.3)
      System.Diagnostics.Debug (>= 4.3)
      System.Diagnostics.FileVersionInfo (>= 4.3)
      System.Diagnostics.StackTrace (>= 4.3)
      System.Diagnostics.Tools (>= 4.3)
      System.Dynamic.Runtime (>= 4.3)
      System.Globalization (>= 4.3)
      System.IO.Compression (>= 4.3)
      System.IO.FileSystem (>= 4.3)
      System.IO.FileSystem.Primitives (>= 4.3)
      System.Linq (>= 4.3)
      System.Linq.Expressions (>= 4.3)
      System.Reflection (>= 4.3)
      System.Reflection.Metadata (>= 1.4.2)
      System.Resources.ResourceManager (>= 4.3)
      System.Runtime (>= 4.3)
      System.Runtime.Extensions (>= 4.3)
      System.Runtime.InteropServices (>= 4.3)
      System.Runtime.Numerics (>= 4.3)
      System.Security.Cryptography.Algorithms (>= 4.3)
      System.Security.Cryptography.Encoding (>= 4.3)
      System.Security.Cryptography.X509Certificates (>= 4.3)
      System.Text.Encoding (>= 4.3)
      System.Text.Encoding.CodePages (>= 4.3)
      System.Text.Encoding.Extensions (>= 4.3)
      System.Threading (>= 4.3)
      System.Threading.Tasks (>= 4.3)
      System.Threading.Tasks.Parallel (>= 4.3)
      System.Threading.Thread (>= 4.3)
      System.ValueTuple (>= 4.3)
      System.Xml.ReaderWriter (>= 4.3)
      System.Xml.XDocument (>= 4.3)
      System.Xml.XmlDocument (>= 4.3)
      System.Xml.XPath.XDocument (>= 4.3)
    Microsoft.CodeAnalysis.CSharp (2.1)
      Microsoft.CodeAnalysis.Common (2.1)
    Microsoft.DotNet.InternalAbstractions (1.0)
    Microsoft.DotNet.PlatformAbstractions (1.1.2)
    System.AppContext (4.3)
    System.Collections (4.3)
    System.Collections.Concurrent (4.3)
    System.Collections.Immutable (1.3.1)
    System.Console (4.3)
    System.Diagnostics.Debug (4.3)
    System.Diagnostics.FileVersionInfo (4.3)
    System.Diagnostics.StackTrace (4.3)
    System.Diagnostics.Tools (4.3)
    System.Dynamic.Runtime (4.3)
    System.Globalization (4.3)
    System.IO.Compression (4.3)
    System.IO.FileSystem (4.3)
      System.IO.FileSystem.Primitives (>= 4.3)
    System.IO.FileSystem.Primitives (4.3)
    System.Linq (4.3)
    System.Linq.Expressions (4.3)
    System.Reflection (4.3)
    System.Reflection.Metadata (1.4.2)
      System.Collections.Immutable (>= 1.3.1)
    System.Resources.ResourceManager (4.3)
    System.Runtime (4.3)
    System.Runtime.Extensions (4.3)
    System.Runtime.InteropServices (4.3)
    System.Runtime.Numerics (4.3)
    System.Security.Cryptography.Algorithms (4.3)
      System.Security.Cryptography.Primitives (>= 4.3)
    System.Security.Cryptography.Encoding (4.3)
    System.Security.Cryptography.Primitives (4.3)
    System.Security.Cryptography.X509Certificates (4.3)
      System.Security.Cryptography.Algorithms (>= 4.3)
      System.Security.Cryptography.Encoding (>= 4.3)
    System.Text.Encoding (4.3)
    System.Text.Encoding.CodePages (4.3)
    System.Text.Encoding.Extensions (4.3)
    System.Threading (4.3)
    System.Threading.Tasks (4.3)
    System.Threading.Tasks.Extensions (4.3)
    System.Threading.Tasks.Parallel (4.3)
    System.Threading.Thread (4.3)
    System.ValueTuple (4.3.1)
    System.Xml.ReaderWriter (4.3)
    System.Xml.XDocument (4.3)
    System.Xml.XmlDocument (4.3)
    System.Xml.XPath (4.3)
    System.Xml.XPath.XDocument (4.3)
      System.Xml.XPath (>= 4.3)

GROUP Test
FRAMEWORK: NET452
NUGET
  remote: http://www.nuget.org/api/v2
    FlaUI.Core (1.2)
    FlaUI.UIA3 (1.2)
      FlaUI.Core (>= 1.2)
    NUnit (3.6.1)
