FRAMEWORK: NET45

GROUP Analyzers
FRAMEWORK: >= NET45
NUGET
  remote: http://www.nuget.org/api/v2
    Gu.Analyzers (0.1.11.23-dev)
    JetBrains.Annotations (10.4)
    StyleCop.Analyzers (1.0)
    WpfAnalyzers (0.2.7.10)

GROUP Test
FRAMEWORK: >= NET45
NUGET
  remote: http://www.nuget.org/api/v2
    BenchmarkDotNet (0.10.3)
      BenchmarkDotNet.Core (>= 0.10.3)
      BenchmarkDotNet.Toolchains.Roslyn (>= 0.10.3)
    BenchmarkDotNet.Core (0.10.3)
      System.Threading.Tasks.Extensions (>= 4.3)
    BenchmarkDotNet.Toolchains.Roslyn (0.10.3)
      BenchmarkDotNet.Core (>= 0.10.3)
      Microsoft.CodeAnalysis.CSharp (>= 1.3.2)
      System.Threading.Tasks (>= 4.0.11)
    Microsoft.CodeAnalysis.Analyzers (1.1) - framework: >= net46
    Microsoft.CodeAnalysis.Common (2.0)
      Microsoft.CodeAnalysis.Analyzers (>= 1.1) - framework: >= net46
      System.AppContext (>= 4.3) - framework: >= net46
      System.Collections (>= 4.3) - framework: >= net46
      System.Collections.Concurrent (>= 4.3) - framework: >= net46
      System.Collections.Immutable (>= 1.3.1) - framework: >= net46
      System.Console (>= 4.3) - framework: >= net46
      System.Diagnostics.Debug (>= 4.3) - framework: >= net46
      System.Diagnostics.FileVersionInfo (>= 4.3) - framework: >= net46
      System.Diagnostics.StackTrace (>= 4.3) - framework: >= net46
      System.Diagnostics.Tools (>= 4.3) - framework: >= net46
      System.Dynamic.Runtime (>= 4.3) - framework: >= net46
      System.Globalization (>= 4.3) - framework: >= net46
      System.IO.Compression (>= 4.3) - framework: >= net46
      System.IO.FileSystem (>= 4.3) - framework: >= net46
      System.IO.FileSystem.Primitives (>= 4.3) - framework: >= net46
      System.Linq (>= 4.3) - framework: >= net46
      System.Linq.Expressions (>= 4.3) - framework: >= net46
      System.Reflection (>= 4.3) - framework: >= net46
      System.Reflection.Metadata (>= 1.4.2) - framework: >= net46
      System.Resources.ResourceManager (>= 4.3) - framework: >= net46
      System.Runtime (>= 4.3) - framework: >= net46
      System.Runtime.Extensions (>= 4.3) - framework: >= net46
      System.Runtime.InteropServices (>= 4.3) - framework: >= net46
      System.Runtime.Numerics (>= 4.3) - framework: >= net46
      System.Security.Cryptography.Algorithms (>= 4.3) - framework: >= net46
      System.Security.Cryptography.Encoding (>= 4.3) - framework: >= net46
      System.Security.Cryptography.X509Certificates (>= 4.3) - framework: >= net46
      System.Text.Encoding (>= 4.3) - framework: >= net46
      System.Text.Encoding.CodePages (>= 4.3) - framework: >= net46
      System.Text.Encoding.Extensions (>= 4.3) - framework: >= net46
      System.Threading (>= 4.3) - framework: >= net46
      System.Threading.Tasks (>= 4.3) - framework: >= net46
      System.Threading.Tasks.Parallel (>= 4.3) - framework: >= net46
      System.Threading.Thread (>= 4.3) - framework: >= net46
      System.ValueTuple (>= 4.3) - framework: >= net46
      System.Xml.ReaderWriter (>= 4.3) - framework: >= net46
      System.Xml.XDocument (>= 4.3) - framework: >= net46
      System.Xml.XmlDocument (>= 4.3) - framework: >= net46
      System.Xml.XPath.XDocument (>= 4.3) - framework: >= net46
    Microsoft.CodeAnalysis.CSharp (2.0)
      Microsoft.CodeAnalysis.Common (2.0)
    System.AppContext (4.3) - framework: >= net46
    System.Collections (4.3) - framework: >= net46
    System.Collections.Concurrent (4.3) - framework: >= net46
    System.Collections.Immutable (1.3.1)
    System.Console (4.3) - framework: >= net46
    System.Diagnostics.Debug (4.3) - framework: >= net46
    System.Diagnostics.FileVersionInfo (4.3) - framework: >= net46
    System.Diagnostics.StackTrace (4.3) - framework: >= net46
    System.Diagnostics.Tools (4.3) - framework: >= net46
    System.Dynamic.Runtime (4.3) - framework: >= net46
    System.Globalization (4.3) - framework: >= net46
    System.IO (4.3) - framework: >= net463
    System.IO.Compression (4.3) - framework: >= net46
    System.IO.FileSystem (4.3) - framework: >= net46
      System.IO.FileSystem.Primitives (>= 4.3) - framework: >= net46
    System.IO.FileSystem.Primitives (4.3)
    System.Linq (4.3) - framework: >= net46
    System.Linq.Expressions (4.3) - framework: >= net46
    System.Reflection (4.3) - framework: >= net46
    System.Reflection.Metadata (1.4.2) - framework: >= net46
      System.Collections.Immutable (>= 1.3.1)
    System.Resources.ResourceManager (4.3) - framework: >= net46
    System.Runtime (4.3)
    System.Runtime.Extensions (4.3) - framework: >= net46
    System.Runtime.InteropServices (4.3) - framework: >= net46
      System.Runtime (>= 4.3) - framework: >= net462
    System.Runtime.Numerics (4.3) - framework: >= net46
    System.Security.Cryptography.Algorithms (4.3) - framework: >= net46
      System.IO (>= 4.3) - framework: >= net463
      System.Runtime (>= 4.3) - framework: >= net463
      System.Security.Cryptography.Encoding (>= 4.3) - framework: >= net463
      System.Security.Cryptography.Primitives (>= 4.3) - framework: net46, net461, >= net463
    System.Security.Cryptography.Encoding (4.3)
    System.Security.Cryptography.Primitives (4.3) - framework: net46, net461, >= net463
    System.Security.Cryptography.X509Certificates (4.3) - framework: >= net46
      System.Security.Cryptography.Algorithms (>= 4.3) - framework: >= net46
      System.Security.Cryptography.Encoding (>= 4.3) - framework: >= net46
    System.Text.Encoding (4.3) - framework: >= net46
    System.Text.Encoding.CodePages (4.3) - framework: >= net46
    System.Text.Encoding.Extensions (4.3) - framework: >= net46
    System.Threading (4.3) - framework: >= net46
    System.Threading.Tasks (4.3)
    System.Threading.Tasks.Extensions (4.3)
    System.Threading.Tasks.Parallel (4.3) - framework: >= net46
    System.Threading.Thread (4.3) - framework: >= net46
    System.ValueTuple (4.3) - framework: >= net46
    System.Xml.ReaderWriter (4.3) - framework: >= net46
    System.Xml.XDocument (4.3) - framework: >= net46
    System.Xml.XmlDocument (4.3) - framework: >= net46
    System.Xml.XPath (4.3) - framework: >= net46
    System.Xml.XPath.XDocument (4.3) - framework: >= net46
      System.Xml.XPath (>= 4.3) - framework: >= net46
    xunit (2.2)
      xunit.assert (2.2)
      xunit.core (2.2)
    xunit.abstractions (2.0.1) - framework: >= net452
    xunit.assert (2.2)
    xunit.core (2.2)
      xunit.extensibility.core (2.2)
      xunit.extensibility.execution (2.2)
    xunit.extensibility.core (2.2)
      xunit.abstractions (>= 2.0.1) - framework: >= net452
    xunit.extensibility.execution (2.2)
      xunit.extensibility.core (2.2) - framework: >= net452
